PATH
  remote: .
  specs:
    squad_goals (0.1.0)
      dalli (~> 2.7)
      dotenv (~> 2.0)
      octokit (~> 4.0)
      rack-ssl-enforcer (~> 0.2)
      sinatra_auth_github (~> 1.1)
      warden-github (~> 1.1)

GEM
  remote: https://rubygems.org/
  specs:
    activesupport (4.2.6)
      i18n (~> 0.7)
      json (~> 1.7, >= 1.7.7)
      minitest (~> 5.1)
      thread_safe (~> 0.3, >= 0.3.4)
      tzinfo (~> 1.1)
    addressable (2.3.8)
    ast (2.2.0)
    coderay (1.1.1)
    crack (0.4.3)
      safe_yaml (~> 1.0.0)
    dalli (2.7.6)
    diff-lcs (1.2.5)
    dotenv (2.1.0)
    faraday (0.9.2)
      multipart-post (>= 1.2, < 3)
    hashdiff (0.3.0)
    i18n (0.7.0)
    json (1.8.3)
    method_source (0.8.2)
    minitest (5.8.4)
    multipart-post (2.0.0)
    octokit (4.3.0)
      sawyer (~> 0.7.0, >= 0.5.3)
    parser (2.3.0.6)
      ast (~> 2.2)
    powerpack (0.1.1)
    pry (0.10.3)
      coderay (~> 1.1.0)
      method_source (~> 0.8.1)
      slop (~> 3.4)
    rack (1.6.4)
    rack-protection (1.5.3)
      rack
    rack-ssl-enforcer (0.2.9)
    rack-test (0.6.3)
      rack (>= 1.0)
    rainbow (2.1.0)
    rake (10.5.0)
    rspec (3.4.0)
      rspec-core (~> 3.4.0)
      rspec-expectations (~> 3.4.0)
      rspec-mocks (~> 3.4.0)
    rspec-core (3.4.3)
      rspec-support (~> 3.4.0)
    rspec-expectations (3.4.0)
      diff-lcs (>= 1.2.0, < 2.0)
      rspec-support (~> 3.4.0)
    rspec-mocks (3.4.1)
      diff-lcs (>= 1.2.0, < 2.0)
      rspec-support (~> 3.4.0)
    rspec-support (3.4.1)
    rubocop (0.37.2)
      parser (>= 2.3.0.4, < 3.0)
      powerpack (~> 0.1)
      rainbow (>= 1.99.1, < 3.0)
      ruby-progressbar (~> 1.7)
      unicode-display_width (~> 0.3)
    ruby-progressbar (1.7.5)
    safe_yaml (1.0.4)
    sawyer (0.7.0)
      addressable (>= 2.3.5, < 2.5)
      faraday (~> 0.8, < 0.10)
    sinatra (1.4.7)
      rack (~> 1.5)
      rack-protection (~> 1.4)
      tilt (>= 1.3, < 3)
    sinatra_auth_github (1.2.0)
      sinatra (~> 1.0)
      warden-github (~> 1.2.0)
    slop (3.6.0)
    thread_safe (0.3.5)
    tilt (2.0.2)
    tzinfo (1.2.2)
      thread_safe (~> 0.1)
    unicode-display_width (0.3.1)
    warden (1.2.6)
      rack (>= 1.0)
    warden-github (1.2.0)
      activesupport (> 3.0)
      octokit (> 2.1.0)
      warden (> 1.0)
    webmock (1.24.1)
      addressable (>= 2.3.6)
      crack (>= 0.3.2)
      hashdiff

PLATFORMS
  ruby

DEPENDENCIES
  bundler (~> 1.11)
  pry (~> 0.10)
  rack-test (~> 0.6)
  rake (~> 10.0)
  rspec (~> 3.1)
  rubocop (~> 0.37)
  squad_goals!
  webmock (~> 1.2)

BUNDLED WITH
   1.11.2
